GEM
  remote: https://rubygems.org/
  specs:
    activesupport (3.0.0)
      activesupport (= 3.0.0)
    activesupport (3.0.0)
    backports (3.5.0)
    coderay (1.1.0)
    json (1.8.1)
    method_source (0.8.2)
    mime-types (2.1)
    multi_json (1.8.4)
    proxies (0.2.1)
    pry (0.9.12.6)
      coderay (~> 1.0)
      method_source (~> 0.8)
      slop (~> 3.4)
    rack (1.5.2)
    rack-protection (1.5.2)
      rack
    rack-test (0.6.2)
      rack (>= 1.0)
    rest-client (1.6.7)
      mime-types (>= 1.16)
    s3 (0.3.20)
      proxies (~> 0.2.0)
    sinatra (1.4.4)
      rack (~> 1.4)
      rack-protection (~> 1.4)
      tilt (~> 1.3, >= 1.3.4)
    sinatra-contrib (1.4.2)
      backports (>= 2.0)
      multi_json
      rack-protection
      rack-test
      sinatra (~> 1.4.0)
      tilt (~> 1.3)
    slop (3.4.7)
    tilt (1.4.1)

PLATFORMS
  ruby

DEPENDENCIES
  active_support
  json
  pry
  rest-client
  s3
  sinatra
  sinatra-contrib
